GIT
  remote: https://github.com/hmdne/closure-compiler
  revision: 870873e39312f4e51369362dd480b01bc3d686d5
  tag: 1.1.17
  specs:
    closure-compiler (1.1.17)

GEM
  remote: https://rubygems.org/
  specs:
    actioncable (6.1.3.1)
      actionpack (= 6.1.3.1)
      activesupport (= 6.1.3.1)
      nio4r (~> 2.0)
      websocket-driver (>= 0.6.1)
    actionmailbox (6.1.3.1)
      actionpack (= 6.1.3.1)
      activejob (= 6.1.3.1)
      activerecord (= 6.1.3.1)
      activestorage (= 6.1.3.1)
      activesupport (= 6.1.3.1)
      mail (>= 2.7.1)
    actionmailer (6.1.3.1)
      actionpack (= 6.1.3.1)
      actionview (= 6.1.3.1)
      activejob (= 6.1.3.1)
      activesupport (= 6.1.3.1)
      mail (~> 2.5, >= 2.5.4)
      rails-dom-testing (~> 2.0)
    actionpack (6.1.3.1)
      actionview (= 6.1.3.1)
      activesupport (= 6.1.3.1)
      rack (~> 2.0, >= 2.0.9)
      rack-test (>= 0.6.3)
      rails-dom-testing (~> 2.0)
      rails-html-sanitizer (~> 1.0, >= 1.2.0)
    actiontext (6.1.3.1)
      actionpack (= 6.1.3.1)
      activerecord (= 6.1.3.1)
      activestorage (= 6.1.3.1)
      activesupport (= 6.1.3.1)
      nokogiri (>= 1.8.5)
    actionview (6.1.3.1)
      activesupport (= 6.1.3.1)
      builder (~> 3.1)
      erubi (~> 1.4)
      rails-dom-testing (~> 2.0)
      rails-html-sanitizer (~> 1.1, >= 1.2.0)
    activejob (6.1.3.1)
      activesupport (= 6.1.3.1)
      globalid (>= 0.3.6)
    activemodel (6.1.3.1)
      activesupport (= 6.1.3.1)
    activerecord (6.1.3.1)
      activemodel (= 6.1.3.1)
      activesupport (= 6.1.3.1)
    activestorage (6.1.3.1)
      actionpack (= 6.1.3.1)
      activejob (= 6.1.3.1)
      activerecord (= 6.1.3.1)
      activesupport (= 6.1.3.1)
      marcel (~> 1.0.0)
      mini_mime (~> 1.0.2)
    activesupport (6.1.3.1)
      concurrent-ruby (~> 1.0, >= 1.0.2)
      i18n (>= 1.6, < 2)
      minitest (>= 5.1)
      tzinfo (~> 2.0)
      zeitwerk (~> 2.3)
    acts_as_list (1.0.3)
      activerecord (>= 4.2)
    addressable (2.7.0)
      public_suffix (>= 2.0.2, < 5.0)
    argon2-kdf (0.1.6)
    aws-eventstream (1.1.1)
    aws-partitions (1.445.0)
    aws-sdk-core (3.114.0)
      aws-eventstream (~> 1, >= 1.0.2)
      aws-partitions (~> 1, >= 1.239.0)
      aws-sigv4 (~> 1.1)
      jmespath (~> 1.0)
    aws-sdk-kms (1.43.0)
      aws-sdk-core (~> 3, >= 3.112.0)
      aws-sigv4 (~> 1.1)
    aws-sdk-s3 (1.93.1)
      aws-sdk-core (~> 3, >= 3.112.0)
      aws-sdk-kms (~> 1)
      aws-sigv4 (~> 1.1)
    aws-sigv4 (1.2.3)
      aws-eventstream (~> 1, >= 1.0.2)
    bcrypt (3.1.16)
    bindex (0.8.1)
    blind_index (2.2.0)
      activesupport (>= 5)
      argon2-kdf (>= 0.1.1)
    bootsnap (1.7.3)
      msgpack (~> 1.0)
    builder (3.2.4)
    bulma-rails (0.9.1)
      sassc (~> 2.0)
    byebug (11.1.3)
    capybara (3.35.3)
      addressable
      mini_mime (>= 0.1.3)
      nokogiri (~> 1.8)
      rack (>= 1.6.0)
      rack-test (>= 0.6.3)
      regexp_parser (>= 1.5, < 3.0)
      xpath (~> 3.2)
    childprocess (3.0.0)
    concurrent-ruby (1.1.8)
    crass (1.0.6)
    database_cleaner (2.0.1)
      database_cleaner-active_record (~> 2.0.0)
    database_cleaner-active_record (2.0.0)
      activerecord (>= 5.a)
      database_cleaner-core (~> 2.0.0)
    database_cleaner-core (2.0.1)
    erubi (1.10.0)
    ffi (1.15.0)
    font_awesome5_rails (1.3.0)
      railties (>= 4.2)
    globalid (0.4.2)
      activesupport (>= 4.2.0)
    i18n (1.8.10)
      concurrent-ruby (~> 1.0)
    jmespath (1.4.0)
    listen (3.5.1)
      rb-fsevent (~> 0.10, >= 0.10.3)
      rb-inotify (~> 0.9, >= 0.9.10)
    lockbox (0.6.4)
    loofah (2.9.1)
      crass (~> 1.0.2)
      nokogiri (>= 1.5.9)
    mail (2.7.1)
      mini_mime (>= 0.1.1)
    marcel (1.0.1)
    method_source (1.0.0)
    mini_mime (1.0.3)
    mini_portile2 (2.5.0)
    minitest (5.14.4)
    minitest-rails (6.1.0)
      minitest (~> 5.10)
      railties (~> 6.1.0)
    msgpack (1.4.2)
    nio4r (2.5.7)
    nokogiri (1.11.3)
      mini_portile2 (~> 2.5.0)
      racc (~> 1.4)
    pg (1.2.3)
    public_suffix (4.0.6)
    puma (5.2.2)
      nio4r (~> 2.0)
    racc (1.5.2)
    rack (2.2.3)
    rack-proxy (0.6.5)
      rack
    rack-test (1.1.0)
      rack (>= 1.0, < 3)
    rails (6.1.3.1)
      actioncable (= 6.1.3.1)
      actionmailbox (= 6.1.3.1)
      actionmailer (= 6.1.3.1)
      actionpack (= 6.1.3.1)
      actiontext (= 6.1.3.1)
      actionview (= 6.1.3.1)
      activejob (= 6.1.3.1)
      activemodel (= 6.1.3.1)
      activerecord (= 6.1.3.1)
      activestorage (= 6.1.3.1)
      activesupport (= 6.1.3.1)
      bundler (>= 1.15.0)
      railties (= 6.1.3.1)
      sprockets-rails (>= 2.0.0)
    rails-dom-testing (2.0.3)
      activesupport (>= 4.2.0)
      nokogiri (>= 1.6)
    rails-html-sanitizer (1.3.0)
      loofah (~> 2.3)
    railties (6.1.3.1)
      actionpack (= 6.1.3.1)
      activesupport (= 6.1.3.1)
      method_source
      rake (>= 0.8.7)
      thor (~> 1.0)
    rake (13.0.3)
    rb-fsevent (0.10.4)
    rb-inotify (0.10.1)
      ffi (~> 1.0)
    redis (4.2.5)
    regexp_parser (2.1.1)
    rubyzip (2.3.0)
    sass-rails (6.0.0)
      sassc-rails (~> 2.1, >= 2.1.1)
    sassc (2.4.0)
      ffi (~> 1.9)
    sassc-rails (2.1.2)
      railties (>= 4.0.0)
      sassc (>= 2.0)
      sprockets (> 3.0)
      sprockets-rails
      tilt
    selenium-webdriver (3.142.7)
      childprocess (>= 0.5, < 4.0)
      rubyzip (>= 1.2.2)
    semantic_range (3.0.0)
    spring (2.1.1)
    spring-watcher-listen (2.0.1)
      listen (>= 2.7, < 4.0)
      spring (>= 1.2, < 3.0)
    sprockets (4.0.2)
      concurrent-ruby (~> 1.0)
      rack (> 1, < 3)
    sprockets-rails (3.2.2)
      actionpack (>= 4.0)
      activesupport (>= 4.0)
      sprockets (>= 3.0.0)
    thor (1.1.0)
    tilt (2.0.10)
    turbolinks (5.2.1)
      turbolinks-source (~> 5.2)
    turbolinks-source (5.2.0)
    tzinfo (2.0.4)
      concurrent-ruby (~> 1.0)
    web-console (4.1.0)
      actionview (>= 6.0.0)
      activemodel (>= 6.0.0)
      bindex (>= 0.4.0)
      railties (>= 6.0.0)
    webdrivers (4.6.0)
      nokogiri (~> 1.6)
      rubyzip (>= 1.3.0)
      selenium-webdriver (>= 3.0, < 4.0)
    webpacker (5.2.1)
      activesupport (>= 5.2)
      rack-proxy (>= 0.6.1)
      railties (>= 5.2)
      semantic_range (>= 2.3.0)
    websocket-driver (0.7.3)
      websocket-extensions (>= 0.1.0)
    websocket-extensions (0.1.5)
    xpath (3.2.0)
      nokogiri (~> 1.8)
    zeitwerk (2.4.2)

PLATFORMS
  ruby

DEPENDENCIES
  acts_as_list
  aws-sdk-s3
  bcrypt (~> 3.1.7)
  blind_index
  bootsnap (>= 1.4.2)
  bulma-rails
  byebug
  capybara (>= 2.15)
  closure-compiler!
  database_cleaner
  font_awesome5_rails
  listen (~> 3.2)
  lockbox
  minitest-rails
  pg (>= 0.18, < 2.0)
  puma (~> 5.0)
  rails (~> 6.1.0)
  redis (~> 4.0)
  sass-rails (>= 6)
  selenium-webdriver
  spring
  spring-watcher-listen (~> 2.0.0)
  turbolinks (~> 5)
  web-console (>= 3.3.0)
  webdrivers
  webpacker

RUBY VERSION
   ruby 2.7.2p137

BUNDLED WITH
   1.17.3
